GEM
  remote: https://rubygems.org/
  specs:
    minitest (4.7.1)
    puma (2.0.1)
      rack (>= 1.1, < 2.0)
    rack (1.5.2)
    rack-test (0.6.2)
      rack (>= 1.0)

PLATFORMS
  ruby

DEPENDENCIES
  minitest
  puma
  rack-test
